GEM
  remote: https://rubygems.org/
  specs:
    kramdown (1.8.0)
    mini_portile (0.6.2)
    nokogiri (1.6.6.2)
      mini_portile (~> 0.6.0)
    parallel (1.6.1)

PLATFORMS
  ruby

DEPENDENCIES
  kramdown
  nokogiri
  parallel

BUNDLED WITH
   1.10.6
