GEM
  remote: https://rubygems.org/
  specs:
    httparty (0.13.7)
      json (~> 1.8)
      multi_xml (>= 0.5.2)
    json (1.8.3)
    kramdown (1.8.0)
    mini_portile (0.6.2)
    multi_xml (0.5.5)
    nokogiri (1.6.6.2)
      mini_portile (~> 0.6.0)
    parallel (1.6.1)

PLATFORMS
  ruby

DEPENDENCIES
  httparty
  kramdown
  nokogiri
  parallel

BUNDLED WITH
   1.10.6
