GEM
  remote: https://rubygems.org/
  specs:
    httparty (0.13.7)
      json (~> 1.8)
      multi_xml (>= 0.5.2)
    json (1.8.3)
    kramdown (1.8.0)
    multi_xml (0.5.5)
    parallel (1.6.1)

PLATFORMS
  ruby

DEPENDENCIES
  httparty
  kramdown
  parallel

BUNDLED WITH
   1.11.2
